GEM
  remote: https://rubygems.org/
  specs:
    psych (2.0.3)
    rack (1.5.2)

PLATFORMS
  ruby

DEPENDENCIES
  psych
  rack
